PATH
  remote: .
  specs:
    imdb-scan (0.0.3.1)
      chronic (>= 0.2.3)
      json (>= 1.4.3)
      mongo (>= 1.0.1)
      mongo_mapper (>= 0.7.5)
      nokogiri (>= 1.4.1)

GEM
  remote: https://rubygems.org/
  specs:
    activemodel (3.2.16)
      activesupport (= 3.2.16)
      builder (~> 3.0.0)
    activesupport (3.2.16)
      i18n (~> 0.6, >= 0.6.4)
      multi_json (~> 1.0)
    bson (1.6.4)
    bson_ext (1.6.4)
      bson (~> 1.6.4)
    builder (3.0.0)
    chronic (0.10.2)
    coderay (1.0.7)
    cucumber (1.2.1)
      builder (>= 2.1.2)
      diff-lcs (>= 1.1.3)
      gherkin (~> 2.11.0)
      json (>= 1.4.6)
    diff-lcs (1.1.3)
    gherkin (2.11.1)
      json (>= 1.4.6)
    i18n (0.6.9)
    json (1.7.4)
    method_source (0.8)
    mini_portile (0.5.2)
    mongo (1.6.4)
      bson (~> 1.6.4)
    mongo_mapper (0.12.0)
      activemodel (~> 3.0)
      activesupport (~> 3.0)
      plucky (~> 0.5.2)
    multi_json (1.8.2)
    nokogiri (1.6.1)
      mini_portile (~> 0.5.0)
    plucky (0.5.2)
      mongo (~> 1.5)
    pry (0.9.10)
      coderay (~> 1.0.5)
      method_source (~> 0.8)
      slop (~> 3.3.1)
    rake (0.9.2.2)
    rspec (2.11.0)
      rspec-core (~> 2.11.0)
      rspec-expectations (~> 2.11.0)
      rspec-mocks (~> 2.11.0)
    rspec-core (2.11.1)
    rspec-expectations (2.11.2)
      diff-lcs (~> 1.1.3)
    rspec-mocks (2.11.1)
    slop (3.3.2)

PLATFORMS
  ruby

DEPENDENCIES
  bson_ext
  cucumber
  imdb-scan!
  pry
  rake
  rspec
